GEM
  remote: https://rubygems.org/
  specs:
    coderay (1.1.0)
    method_source (0.8.2)
    paint (1.0.0)
    pry (0.10.1)
      coderay (~> 1.1.0)
      method_source (~> 0.8.1)
      slop (~> 3.4)
    rmagick (2.15.0)
    slop (3.6.0)

PLATFORMS
  ruby

DEPENDENCIES
  paint
  pry
  rmagick
